PATH
  remote: .
  specs:
    tencent_trustsql (0.1.0)
      ecdsa (~> 1.2)
      http (~> 2.2)

GEM
  remote: https://gems.ruby-china.com/
  specs:
    addressable (2.7.0)
      public_suffix (>= 2.0.2, < 5.0)
    domain_name (0.5.20190701)
      unf (>= 0.0.5, < 1.0.0)
    ecdsa (1.2.0)
    http (2.2.2)
      addressable (~> 2.3)
      http-cookie (~> 1.0)
      http-form_data (~> 1.0.1)
      http_parser.rb (~> 0.6.0)
    http-cookie (1.0.3)
      domain_name (~> 0.5)
    http-form_data (1.0.3)
    http_parser.rb (0.6.0)
    public_suffix (4.0.1)
    rake (10.5.0)
    unf (0.1.4)
      unf_ext
    unf_ext (0.0.7.6)

PLATFORMS
  ruby

DEPENDENCIES
  bundler (~> 2.0)
  rake (~> 10.0)
  tencent_trustsql!

BUNDLED WITH
   2.0.1
